GEM
  remote: https://rubygems.org/
  specs:
    aws-sdk-core (2.10.23)
      aws-sigv4 (~> 1.0)
      jmespath (~> 1.0)
    aws-sigv4 (1.0.1)
    cool.io (1.5.0)
    fluent-mixin-config-placeholders (0.4.0)
      fluentd
      uuidtools (>= 2.1.5)
    fluent-plugin-cloudwatch-logs (0.4.0)
      aws-sdk-core (>= 2.0.7)
      fluent-mixin-config-placeholders (>= 0.2.0)
      fluentd
    fluent-plugin-detect-exceptions (0.0.3)
      fluentd (~> 0.10, <= 0.13)
    fluentd (0.12.39)
      cool.io (>= 1.2.2, < 2.0.0)
      http_parser.rb (>= 0.5.1, < 0.7.0)
      json (>= 1.4.3)
      msgpack (>= 0.5.11, < 2)
      sigdump (~> 0.2.2)
      string-scrub (>= 0.0.3, <= 0.0.5)
      tzinfo (>= 1.0.0)
      tzinfo-data (>= 1.0.0)
      yajl-ruby (~> 1.0)
    http_parser.rb (0.6.0)
    jmespath (1.3.1)
    json (2.1.0)
    msgpack (1.1.0)
    sigdump (0.2.4)
    string-scrub (0.0.5)
    thread_safe (0.3.6)
    tzinfo (1.2.3)
      thread_safe (~> 0.1)
    tzinfo-data (1.2017.2)
      tzinfo (>= 1.0.0)
    uuidtools (2.1.5)
    yajl-ruby (1.3.0)

PLATFORMS
  ruby

DEPENDENCIES
  fluent-plugin-cloudwatch-logs (= 0.4.0)
  fluent-plugin-detect-exceptions (= 0.0.3)
  fluentd (~> 0.12.39)

BUNDLED WITH
   1.15.3